GEM
  remote: https://rubygems.org/
  specs:
    aggregate (0.2.2)
    bugsnag (1.3.4)
      httparty (>= 0.6, < 1.0)
      multi_json (~> 1.0)
    faraday (0.8.7)
      multipart-post (~> 1.1)
    hike (1.2.1)
    httparty (0.11.0)
      multi_json (~> 1.0)
      multi_xml (>= 0.5.2)
    librato-metrics (1.0.4)
      aggregate (~> 0.2.2)
      faraday (~> 0.7)
      multi_json
    librato-rack (0.2.1)
      librato-metrics (~> 1.0.2)
    multi_json (1.7.2)
    multi_xml (0.5.3)
    multipart-post (1.2.0)
    puma (1.6.3)
      rack (~> 1.2)
    rack (1.5.2)
    rack-protection (1.5.0)
      rack
    rack-ssl (1.3.3)
      rack
    sass (3.2.7)
    sinatra (1.4.2)
      rack (~> 1.5, >= 1.5.2)
      rack-protection (~> 1.4)
      tilt (~> 1.3, >= 1.3.4)
    sprockets (2.9.0)
      hike (~> 1.2)
      multi_json (~> 1.0)
      rack (~> 1.0)
      tilt (~> 1.1, != 1.3.0)
    tilt (1.3.6)

PLATFORMS
  ruby

DEPENDENCIES
  bugsnag
  librato-rack
  puma
  rack
  rack-ssl
  sass
  sinatra
  sprockets
